GEM
  remote: https://rubygems.org/
  specs:
    binman (5.1.0)
      opener (>= 0.1.0, < 1)
    md2man (5.1.2)
      binman (~> 5.0)
      redcarpet (~> 3.0)
      rouge (~> 3.0)
    opener (0.1.0)
    rake (10.3.1)
    redcarpet (3.5.1)
    rouge (3.26.0)

PLATFORMS
  ruby

DEPENDENCIES
  md2man (>= 2.1.0)
  rake

BUNDLED WITH
   1.17.3
