GEM
  remote: https://rubygems.org/
  specs:
    binman (3.3.2)
      opener (>= 0.1.0, < 1)
    md2man (2.1.0)
      binman (~> 3.0)
      redcarpet (~> 3.0)
    opener (0.1.0)
    rake (12.3.3)
    redcarpet (3.1.2)

PLATFORMS
  ruby

DEPENDENCIES
  md2man
  rake
